GEM
  remote: https://rubygems.org/
  specs:
    ast (2.4.1)
    daemons (1.3.1)
    eventmachine (1.2.7)
    multi_json (1.15.0)
    mustermann (1.1.1)
      ruby2_keywords (~> 0.0.1)
    nio4r (2.5.4)
    parallel (1.20.0)
    parser (2.7.2.0)
      ast (~> 2.4.1)
    puma (5.0.4)
      nio4r (~> 2.0)
    rack (2.2.3)
    rack-protection (2.1.0)
      rack
    rainbow (3.0.0)
    redcarpet (3.5.0)
    regexp_parser (1.8.2)
    rexml (3.2.4)
    rubocop (1.2.0)
      parallel (~> 1.10)
      parser (>= 2.7.1.5)
      rainbow (>= 2.2.2, < 4.0)
      regexp_parser (>= 1.8)
      rexml
      rubocop-ast (>= 1.0.1)
      ruby-progressbar (~> 1.7)
      unicode-display_width (>= 1.4.0, < 2.0)
    rubocop-ast (1.1.1)
      parser (>= 2.7.1.5)
    rubocop-fjord (0.1.4)
      rubocop (>= 1.0)
      rubocop-performance
    rubocop-performance (1.8.1)
      rubocop (>= 0.87.0)
      rubocop-ast (>= 0.4.0)
    ruby-progressbar (1.10.1)
    ruby2_keywords (0.0.2)
    sinatra (2.1.0)
      mustermann (~> 1.0)
      rack (~> 2.2)
      rack-protection (= 2.1.0)
      tilt (~> 2.0)
    sinatra-contrib (2.1.0)
      multi_json
      mustermann (~> 1.0)
      rack-protection (= 2.1.0)
      sinatra (= 2.1.0)
      tilt (~> 2.0)
    thin (1.7.2)
      daemons (~> 1.0, >= 1.0.9)
      eventmachine (~> 1.0, >= 1.0.4)
      rack (>= 1, < 3)
    tilt (2.0.10)
    unicode-display_width (1.7.0)

PLATFORMS
  ruby

DEPENDENCIES
  puma
  redcarpet
  rubocop-fjord
  sinatra
  sinatra-contrib
  thin

BUNDLED WITH
   2.1.4
